GEM
  remote: https://rubygems.org/
  specs:
    ai4ruby (1.14)
    categorize (0.0.11)
    diff-lcs (1.2.3)
    rake (10.0.4)
    rake-compiler (0.8.3)
      rake
    rspec (2.13.0)
      rspec-core (~> 2.13.0)
      rspec-expectations (~> 2.13.0)
      rspec-mocks (~> 2.13.0)
    rspec-core (2.13.1)
    rspec-expectations (2.13.0)
      diff-lcs (>= 1.1.3, < 2.0)
    rspec-mocks (2.13.1)

PLATFORMS
  ruby

DEPENDENCIES
  ai4ruby
  bundler
  categorize
  rake
  rake-compiler
  rspec
